GEM
  remote: https://rubygems.org/
  specs:
    ast (2.4.0)
    docile (1.3.1)
    flamegraph (0.9.5)
    jaro_winkler (1.5.1)
    json (2.1.0)
    minitest (5.11.3)
    parallel (1.12.1)
    parser (2.5.3.0)
      ast (~> 2.4.0)
    powerpack (0.1.2)
    rainbow (3.0.0)
    rubocop (0.60.0)
      jaro_winkler (~> 1.5.1)
      parallel (~> 1.10)
      parser (>= 2.5, != 2.5.1.1)
      powerpack (~> 0.1)
      rainbow (>= 2.2.2, < 4.0)
      ruby-progressbar (~> 1.7)
      unicode-display_width (~> 1.4.0)
    ruby-progressbar (1.10.0)
    simplecov (0.16.1)
      docile (~> 1.1)
      json (>= 1.8, < 3)
      simplecov-html (~> 0.10.0)
    simplecov-html (0.10.2)
    stackprof (0.2.12)
    unicode-display_width (1.4.0)

PLATFORMS
  ruby

DEPENDENCIES
  flamegraph
  minitest
  parallel
  rubocop
  simplecov
  stackprof

BUNDLED WITH
   1.17.1
